PATH
  remote: .
  specs:
    activity_generator (0.1.0)
      os (~> 1.0)
      sys-proctable (~> 1.2)

GEM
  remote: https://rubygems.org/
  specs:
    byebug (11.0.0)
    diff-lcs (1.3)
    ffi (1.10.0)
    os (1.0.0)
    rake (10.5.0)
    rspec (3.8.0)
      rspec-core (~> 3.8.0)
      rspec-expectations (~> 3.8.0)
      rspec-mocks (~> 3.8.0)
    rspec-core (3.8.0)
      rspec-support (~> 3.8.0)
    rspec-expectations (3.8.2)
      diff-lcs (>= 1.2.0, < 2.0)
      rspec-support (~> 3.8.0)
    rspec-mocks (3.8.0)
      diff-lcs (>= 1.2.0, < 2.0)
      rspec-support (~> 3.8.0)
    rspec-support (3.8.0)
    sys-proctable (1.2.1)
      ffi

PLATFORMS
  ruby

DEPENDENCIES
  activity_generator!
  bundler (~> 2.0)
  byebug
  rake (~> 10.0)
  rspec (~> 3.0)

BUNDLED WITH
   2.0.1
